PATH
  remote: /Users/sean/Development/ripple/riak-client
  specs:
    riak-client (0.8.0.beta)
      activesupport (>= 2.3.5)
      i18n (~> 0.4.0)

GEM
  remote: http://rubygems.org/
  specs:
    activemodel (3.0.0)
      activesupport (= 3.0.0)
      builder (~> 2.1.2)
      i18n (~> 0.4.1)
    activesupport (3.0.0)
    builder (2.1.2)
    curb (0.7.8)
    diff-lcs (1.1.2)
    i18n (0.4.1)
    rake (0.8.7)
    rspec (2.0.0.beta.20)
      rspec-core (= 2.0.0.beta.20)
      rspec-expectations (= 2.0.0.beta.20)
      rspec-mocks (= 2.0.0.beta.20)
    rspec-core (2.0.0.beta.20)
    rspec-expectations (2.0.0.beta.20)
      diff-lcs (>= 1.1.2)
    rspec-mocks (2.0.0.beta.20)
    tzinfo (0.3.23)
    yajl-ruby (0.7.7)

PLATFORMS
  ruby

DEPENDENCIES
  activemodel (= 3.0.0)
  bundler
  curb (> 0.6)
  rake
  riak-client!
  rspec (~> 2.0.0.beta.18)
  tzinfo
  yajl-ruby
